PATH
  remote: ..
  specs:
    rollout_ui2 (0.1.1)
      sinatra (~> 1.4, >= 1.4.7)

GEM
  remote: https://rubygems.org/
  specs:
    rack (1.6.5)
    rack-protection (1.5.3)
      rack
    redis (3.3.2)
    rollout (2.4.0)
    sinatra (1.4.7)
      rack (~> 1.5)
      rack-protection (~> 1.4)
      tilt (>= 1.3, < 3)
    tilt (2.0.5)

PLATFORMS
  ruby

DEPENDENCIES
  redis
  rollout (>= 2.0.0)
  rollout_ui2!

BUNDLED WITH
   1.13.6
